GEM
  remote: https://rubygems.org/
  specs:
    dbf (3.1.0)

PLATFORMS
  ruby

DEPENDENCIES
  dbf

BUNDLED WITH
   1.14.6
