GEM
  remote: https://rubygems.org/
  specs:
    excon (0.45.4)
    faraday (0.15.4)
      multipart-post (>= 1.2, < 3)
    faraday_middleware (0.13.1)
      faraday (>= 0.7.4, < 1.0)
    multipart-post (2.0.0)
    pco_api (1.2.2)
      excon (~> 0.45.3)
      faraday (~> 0.10)
      faraday_middleware (~> 0.10)

PLATFORMS
  ruby

DEPENDENCIES
  pco_api

BUNDLED WITH
   1.17.2
